GEM
  remote: http://rubygems.org/
  specs:
    curb (0.7.8)
    daemons (1.1.0)
    erector (0.8.1)
      hoe (>= 1.5.0)
    eventmachine (0.12.10)
    hoe (2.8.0)
      rake (>= 0.8.7)
    json (1.4.6)
    rack (1.2.1)
    rake (0.8.7)
    sinatra (1.1.0)
      rack (~> 1.1)
      tilt (~> 1.1)
    thin (1.2.7)
      daemons (>= 1.0.9)
      eventmachine (>= 0.12.6)
      rack (>= 1.0.0)
    tilt (1.1)

PLATFORMS
  ruby

DEPENDENCIES
  curb
  erector
  json
  sinatra
  thin
